GEM
  remote: https://rubygems.org/
  specs:
    kadro (0.1.0)
      rack
    rack (2.0.5)

PLATFORMS
  ruby

DEPENDENCIES
  kadro

BUNDLED WITH
   1.16.2
